PATH
  remote: .
  specs:
    cue_breaker (0.2.0)

GEM
  remote: https://rubygems.org/
  specs:

PLATFORMS
  ruby
  x86_64-linux

DEPENDENCIES
  cue_breaker!

BUNDLED WITH
   2.5.4
